PATH
  remote: .
  specs:
    brakeman (1.6.0)
      activesupport
      erubis (~> 2.6)
      fastercsv (~> 1.5)
      haml (~> 3.0)
      highline (~> 1.6)
      i18n
      json_pure
      ruby2ruby (~> 1.2)
      ruby_parser (= 2.3.1)
      terminal-table (~> 1.4)

GEM
  remote: http://rubygems.org/
  specs:
    activesupport (3.2.3)
      i18n (~> 0.6)
      multi_json (~> 1.0)
    erubis (2.7.0)
    fastercsv (1.5.4)
    haml (3.1.5)
    highline (1.6.12)
    i18n (0.6.0)
    json_pure (1.7.1)
    multi_json (1.3.4)
    ruby2ruby (1.3.1)
      ruby_parser (~> 2.0)
      sexp_processor (~> 3.0)
    ruby_parser (2.3.1)
      sexp_processor (~> 3.0)
    sexp_processor (3.2.0)
    terminal-table (1.4.5)

PLATFORMS
  ruby

DEPENDENCIES
  brakeman!
